GEM
  remote: http://rubygems.org/
  specs:
    apns (1.0.0)
    daemons (1.0.10)
    eventmachine (1.0.3)
    ffi (1.9.0)
    gcm (0.0.4)
      httparty
      json
    gem_plugin (0.2.3)
    httparty (0.12.0)
      json (~> 1.8)
      multi_xml (>= 0.5.2)
    json (1.8.1)
    listen (1.0.3)
      rb-fsevent (>= 0.9.3)
      rb-inotify (>= 0.9)
      rb-kqueue (>= 0.2)
    mongrel (1.2.0.pre2)
      daemons (~> 1.0.10)
      gem_plugin (~> 0.2.3)
    multi_xml (0.5.5)
    rack (1.5.2)
    rb-fsevent (0.9.3)
    rb-inotify (0.9.2)
      ffi (>= 0.5.0)
    rb-kqueue (0.2.0)
      ffi (>= 0.5.0)
    rerun (0.8.2)
      listen (~> 1.0.3)
    thin (1.6.1)
      daemons (>= 1.0.9)
      eventmachine (>= 1.0.0)
      rack (>= 1.0.0)
    thrift (0.9.1)

PLATFORMS
  ruby

DEPENDENCIES
  apns
  gcm
  json
  mongrel
  rack
  rerun
  thin (~> 1.6.1)
  thrift (~> 0.9.1)
