GEM
  remote: http://rubygems.org/
  specs:
    json (1.8.1)
    rack (1.5.2)
    thrift (0.9.1)

PLATFORMS
  ruby

DEPENDENCIES
  json
  rack
  thrift (~> 0.9.1)
